PATH
  remote: .
  specs:
    halb (0.3.0)
      net-ssh
      rake

GEM
  remote: http://rubygems.org/
  specs:
    metaclass (0.0.1)
    mocha (0.10.5)
      metaclass (~> 0.0.1)
    net-ssh (2.2.1)
    rake (0.9.2.2)
    test-unit (2.4.3)

PLATFORMS
  ruby

DEPENDENCIES
  halb!
  mocha
  net-ssh
  test-unit
