PATH
  remote: .
  specs:
    halb (1)
      rake

GEM
  remote: http://rubygems.org/
  specs:
    metaclass (0.0.1)
    mocha (0.10.5)
      metaclass (~> 0.0.1)
    rake (0.9.2.2)
    test-unit (2.4.3)

PLATFORMS
  ruby

DEPENDENCIES
  halb!
  mocha
  test-unit
